GEM
  remote: http://rubygems.org/
  specs:
    diff-lcs (1.1.3)
    httparty (0.10.0)
      multi_json (~> 1.0)
      multi_xml
    libv8 (3.11.8.13)
    multi_json (1.5.0)
    multi_xml (0.5.2)
    nokogiri (1.5.6)
    ref (1.0.2)
    rspec (2.12.0)
      rspec-core (~> 2.12.0)
      rspec-expectations (~> 2.12.0)
      rspec-mocks (~> 2.12.0)
    rspec-core (2.12.2)
    rspec-expectations (2.12.1)
      diff-lcs (~> 1.1.3)
    rspec-mocks (2.12.1)
    therubyracer (0.11.3)
      libv8 (~> 3.11.8.12)
      ref

PLATFORMS
  ruby

DEPENDENCIES
  httparty (= 0.10.0)
  nokogiri (= 1.5.6)
  rspec
  therubyracer (= 0.11.3)
